GEM
  remote: http://rubygems.org/
  specs:
    activemodel (4.1.8)
      activesupport (= 4.1.8)
      builder (~> 3.1)
    activerecord (4.1.8)
      activemodel (= 4.1.8)
      activesupport (= 4.1.8)
      arel (~> 5.0.0)
    activesupport (4.1.8)
      i18n (~> 0.6, >= 0.6.9)
      json (~> 1.7, >= 1.7.7)
      minitest (~> 5.1)
      thread_safe (~> 0.1)
      tzinfo (~> 1.1)
    appium_console (2.8.1)
      appium_lib (~> 9, >= 9.8)
      awesome_print (~> 1.7)
      bond (~> 0.5)
      pry (~> 0.11.0)
      spec (~> 5.3, >= 5.3.1)
      thor (~> 0.19)
    appium_lib (9.13.0)
      appium_lib_core (~> 1.6.0)
      nokogiri (~> 1.8, >= 1.8.1)
      tomlrb (~> 1.1)
    appium_lib_core (1.6.0)
      faye-websocket (~> 0.10.0)
      selenium-webdriver (~> 3.5)
    archive-zip (0.11.0)
      io-like (~> 0.3.0)
    arel (5.0.1.20140414130214)
    awesome_print (1.8.0)
    backports (3.11.1)
    bond (0.5.1)
    builder (3.2.3)
    childprocess (0.9.0)
      ffi (~> 1.0, >= 1.0.11)
    chromedriver-helper (1.2.0)
      archive-zip (~> 0.10)
      nokogiri (~> 1.8)
    chronic_duration (0.10.6)
      numerizer (~> 0.1.1)
    coderay (1.1.2)
    concurrent-ruby (1.0.5)
    connection_pool (2.2.1)
    cucumber (3.1.0)
      builder (>= 2.1.2)
      cucumber-core (~> 3.1.0)
      cucumber-expressions (~> 5.0.4)
      cucumber-wire (~> 0.0.1)
      diff-lcs (~> 1.3)
      gherkin (~> 5.0)
      multi_json (>= 1.7.5, < 2.0)
      multi_test (>= 0.1.2)
    cucumber-core (3.1.0)
      backports (>= 3.8.0)
      cucumber-tag_expressions (~> 1.1.0)
      gherkin (>= 5.0.0)
    cucumber-expressions (5.0.13)
    cucumber-tag_expressions (1.1.1)
    cucumber-wire (0.0.1)
    diff-lcs (1.3)
    docile (1.1.5)
    domain_name (0.5.20170404)
      unf (>= 0.0.5, < 1.0.0)
    eventmachine (1.2.7-x86-mingw32)
    faye-websocket (0.10.7)
      eventmachine (>= 0.12.0)
      websocket-driver (>= 0.5.1)
    ffi (1.9.23-x86-mingw32)
    gherkin (5.0.0)
    headless (2.3.1)
    http-cookie (1.0.3)
      domain_name (~> 0.5)
    i18n (0.9.5)
      concurrent-ruby (~> 1.0)
    io-like (0.3.0)
    java (0.0.2)
    json (1.8.6)
    method_source (0.9.0)
    mime-types (3.1)
      mime-types-data (~> 3.2015)
    mime-types-data (3.2016.0521)
    mini_portile2 (2.3.0)
    minitest (5.11.3)
    multi_json (1.13.1)
    multi_test (0.1.2)
    mysql2 (0.4.10-x86-mingw32)
    net-http-persistent (3.0.0)
      connection_pool (~> 2.2)
    netrc (0.11.0)
    nokogiri (1.8.2-x86-mingw32)
      mini_portile2 (~> 2.3.0)
    numerizer (0.1.1)
    pry (0.11.3)
      coderay (~> 1.1.0)
      method_source (~> 0.9.0)
    rake (12.3.0)
    require_all (1.4.0)
    rest-client (2.0.2-x86-mingw32)
      ffi (~> 1.9)
      http-cookie (>= 1.0.2, < 2.0)
      mime-types (>= 1.16, < 4.0)
      netrc (~> 0.8)
    rspec (3.7.0)
      rspec-core (~> 3.7.0)
      rspec-expectations (~> 3.7.0)
      rspec-mocks (~> 3.7.0)
    rspec-core (3.7.1)
      rspec-support (~> 3.7.0)
    rspec-expectations (3.7.0)
      diff-lcs (>= 1.2.0, < 2.0)
      rspec-support (~> 3.7.0)
    rspec-mocks (3.7.0)
      diff-lcs (>= 1.2.0, < 2.0)
      rspec-support (~> 3.7.0)
    rspec-support (3.7.1)
    rubyXL (3.3.29)
      nokogiri (>= 1.4.4)
      rubyzip (>= 1.1.6)
    rubyzip (1.2.1)
    rukuli (1.0.3)
    saucelabs (0.5)
      net-http-persistent
      selenium-webdriver
      watir-webdriver (>= 0.6.9)
    selenium-webdriver (3.11.0)
      childprocess (~> 0.5)
      rubyzip (~> 1.2)
    simplecov (0.15.1)
      docile (~> 1.1.0)
      json (>= 1.8, < 3)
      simplecov-html (~> 0.10.0)
    simplecov-html (0.10.2)
    simplecov-rcov (0.2.3)
      simplecov (>= 0.4.1)
    spec (5.3.4)
      chronic_duration (~> 0.10.2)
    sqlite3 (1.3.13-x86-mingw32)
    thor (0.20.0)
    thread_safe (0.3.6)
    tomlrb (1.2.6)
    tzinfo (1.2.5)
      thread_safe (~> 0.1)
    unf (0.1.4)
      unf_ext
    unf_ext (0.0.7.5-x86-mingw32)
    watir-webdriver (0.9.9)
      selenium-webdriver (>= 2.46.2)
    websocket-driver (0.7.0)
      websocket-extensions (>= 0.1.0)
    websocket-extensions (0.1.3)

PLATFORMS
  x86-mingw32

DEPENDENCIES
  activerecord
  activesupport (= 4.1.8)
  appium_console
  appium_lib
  chromedriver-helper
  cucumber
  headless
  java
  json
  mysql2
  nokogiri
  rake
  require_all (= 1.4.0)
  rest-client
  rspec
  rubyXL
  rukuli
  saucelabs
  selenium-webdriver
  simplecov
  simplecov-rcov
  sqlite3
  watir-webdriver

BUNDLED WITH
   1.11.2
